GEM
  remote: https://rubygems.org/
  specs:
    CFPropertyList (2.2.8)
    addressable (2.3.7)
    arr-pm (0.0.9)
      cabin (> 0)
    backports (3.6.4)
    cabin (0.7.1)
    childprocess (0.5.5)
      ffi (~> 1.0, >= 1.0.11)
    clamp (0.6.4)
    facter (2.4.1)
      CFPropertyList (~> 2.2.6)
    ffi (1.9.8)
    fpm (1.0.2)
      arr-pm (~> 0.0.8)
      backports (>= 2.6.2)
      cabin (>= 0.6.0)
      childprocess
      clamp (~> 0.6)
      ffi
      ftw (~> 0.0.30)
      json (>= 1.7.7)
    fpm-cookery (0.21.0)
      addressable
      facter
      fpm (~> 1.0.0)
      puppet (>= 3.4.3)
      systemu
    ftw (0.0.42)
      addressable
      backports (>= 2.6.2)
      cabin (> 0)
      http_parser.rb (~> 0.6)
    hiera (1.3.4)
      json_pure
    http_parser.rb (0.6.0)
    json (1.8.2)
    json_pure (1.8.2)
    puppet (3.7.5)
      facter (> 1.6, < 3)
      hiera (~> 1.0)
      json_pure
    systemu (2.6.5)

PLATFORMS
  ruby

DEPENDENCIES
  fpm-cookery (= 0.21.0)
